##TITLE= Parameter file, TopSpin 4.1.1
##JCAMPDX= 5.0
##DATATYPE= Parameter Values
##NPOINTS= 1	$$ modification sequence number
##ORIGIN= Bruker BioSpin GmbH
##OWNER= nmrsu
$$ 2025-02-20 02:20:09.476 +0530  nmrsu@CZC8417M53
$$ D:/nmrdata/AG/pratiman/sucrose_13c/30mM_2/31//specpar
$$ process C:\Bruker\TopSpin4.1.1\prog\mod\acqdataserver.exe
##$ANCIEN= (0..7)
0 0 0 0 0 0 0 0
##$BF1= 100.13
##$BF2= 100.13
##$BF3= 100.13
##$DEC= 1
##$DECB= 1
##$DEF19F= yes
##$DEFRSEL= yes
##$HPMOD= (0..32)
0 0 0 0 0 0 0 0 0 0 0 0 0 0 0 0 0 0 0 0 0 0 0 0 0 0 0 0 0 0 0 0 0
##$HPPRECH= (0..32)
-1 -1 -1 -1 -1 -1 -1 -1 -1 -1 -1 -1 -1 -1 -1 -1 -1 -1 -1 -1 -1 -1 -1 -1
-1 -1 -1 -1 -1 -1 -1 -1 -1
##$HPSELECT= yes
##$LOCSW19F= -1
##$LOCSW2H= -1
##$NUC1= 6
##$NUC2= 0
##$NUC3= 0
##$NUC4= 0
##$NUC5= 0
##$NUC6= 0
##$NUC7= 0
##$NUC8= 0
##$NUCARR= (0..123)
400.3 400.3 61.448487267 426.975887922 304.944440928 58.908492258 155.571779391
56.249407439 43.006862974 128.432147922 100.65551506 28.926946951 40.562046736
54.266497371 376.658326033 31.600866888 105.8869557 24.504904905 104.305606577
79.528349561 162.044410226 30.727028 39.221029727 32.647367175 18.679491119
23.225478054 10.252903915 26.940306087 97.239863241 22.567048602 22.573065111
39.911146927 105.290700844 22.626941488 99.231239654 12.960825334 94.979477222
35.771012153 106.141438419 113.699983079 25.045982409 96.077420062 122.078306112
13.963724945 68.541823842 76.343266539 20.886541166 100.29108194 108.107091554
15.4019428 38.648736829 130.979977362 17.348289466 19.615492594 37.213080894
97.97810851 26.087254778 26.634741085 90.100828978 18.434419453 20.660960107
12.755347341 18.3181283 16.203419457 18.628092599 84.92556644 88.839279525
87.528617265 87.716253887 130.973152247 142.635932777 149.274399896 95.794099731
51.875745651 104.757477226 126.293725307 80.089966458 111.324174558 33.000415763
52.503916426 39.767631371 44.485050784 52.8167829 56.544940923 122.57186
21.81635 13.45008 16.69251 13.77032 99.51458 43.95294 12.28921 16.13209
96.23212 13.77032 19.29446 85.42402 11.52864 33.18487 70.049721918 19.298463
45.650212 32.548393 16.040021 10.075551 47.9943688 16.678047161 90.1659738
91.0746548 9.136170993 31.0848962 6.877154 7.489613 86.051626352 6.921187
71.697020466 26.466166749 228.6641696 230.908403514 83.745157797 64.325359864
7.3711242 14.53089 100
##$NUCOFFS= (0..127)
<2H> <29Si> <125Te> <1H> <79Br> <13C> <27Al> <7Li> <77Se> <11B> <119Sn>
<15N> <31P> <19F> <> <> <> <> <> <> <> <> <> <> <> <> <> <> <> <> <> <>
<> <> <> <> <> <> <> <> <> <> <> <> <> <> <> <> <> <> <> <> <> <> <> <>
<> <> <> <> <> <> <> <> <> <> <> <> <> <> <> <> <> <> <> <> <> <> <> <>
<> <> <> <> <> <> <> <> <> <> <> <> <> <> <> <> <> <> <> <> <> <> <> <>
<> <> <> <> <> <> <> <> <> <> <> <> <> <> <> <> <> <> <> <> <> <> <> <>
##$OBS= 1
##$OFFS= (0..127)
0 0 0 0 0 0 0 0 0 0 0 0 0 0 0 0 0 0 0 0 0 0 0 0 0 0 0 0 0 0 0 0 0 0 0 0
0 0 0 0 0 0 0 0 0 0 0 0 0 0 0 0 0 0 0 0 0 0 0 0 0 0 0 0 0 0 0 0 0 0 0 0
0 0 0 0 0 0 0 0 0 0 0 0 0 0 0 0 0 0 0 0 0 0 0 0 0 0 0 0 0 0 0 0 0 0 0 0
0 0 0 0 0 0 0 0 0 0 0 0 0 0 0 0 0 0 0 0
##$OFFSF= (0..7)
0 0 0 0 0 0 0 0
##$OFFSH= (0..7)
0 0 0 0 0 0 0 0
##$OFFSX= (0..7)
0 0 0 0 0 0 0 0
##$OFFSXAS= (0..7)
0 0 0 0 0 0 0 0
##$OFSF1= 0
##$OFSF2= 0
##$OFSH1= 0
##$OFSH2= 0
##$OFSH3= 0
##$OFSX1= 0
##$OFSX2= 0
##$OFSY= 0
##$PACOIL= (0..32)
0 0 0 0 0 0 0 0 0 0 0 0 0 0 0 0 0 0 0 0 0 0 0 0 0 0 0 0 0 0 0 0 0
##$PRECHAN= (0..32)
-1 2 -1 0 1 -1 -1 -1 -1 -1 -1 -1 -1 -1 -1 -1 -1 -1 -1 -1 -1 -1 -1 -1 -1
-1 -1 -1 -1 -1 -1 -1 -1
##$RECPRE= (0..25)
-1 0 2 -1 -1 -1 -1 -1 -1 -1 -1 -1 -1 -1 -1 -1 -1 -1 -1 -1 -1 -1 -1 -1 -1
-1
##$RECPRFX= (0..32)
1 0 1 0 0 0 0 0 0 0 0 0 0 0 0 0 0 0 0 0 0 0 0 0 0 0 0 0 0 0 0 0 0
##$RECSEL= (0..24)
0 1 2 3 4 5 6 7 8 9 10 11 12 13 14 15 16 17 18 19 20 21 22 23 24
##$SELREC= (0..24)
0 0 0 0 0 0 0 0 0 0 0 0 0 0 0 0 0 0 0 0 0 0 0 0 0
##$SFO1= 155.571779
##$SFO2= 400.3
##$SFO3= 400.310066
##$SFO4= 400.310066
##$SFO5= 400.310066
##$SFO6= 400.310066
##$SFO7= 400.310066
##$SFO8= 400.310066
##$TY= (0..123)
0 0 0 0 0 0 0 0 0 0 0 0 0 0 0 0 0 0 0 0 0 0 0 0 0 0 0 0 0 0 0 0 0 0 0 0
0 0 0 0 0 0 0 0 0 0 0 0 0 0 0 0 0 0 0 0 0 0 0 0 0 0 0 0 0 0 0 0 0 0 0 0
0 0 0 0 0 0 0 0 0 0 0 0 0 0 0 0 0 0 0 0 0 0 0 0 0 0 0 0 0 0 0 0 0 0 0 0
0 0 0 0 0 0 0 0 0 0 0 0 0 0 0 0
##END=
